GEM
  remote: https://rubygems.org/
  specs:
    json (2.1.0)
    mustermann (1.0.0)
    rack (2.0.3)
    rack-protection (2.0.0)
      rack
    rack-test (0.6.3)
      rack (>= 1.0)
    racksh (1.0.0)
      rack (>= 1.0)
      rack-test (>= 0.5)
    sinatra (2.0.0)
      mustermann (~> 1.0)
      rack (~> 2.0)
      rack-protection (= 2.0.0)
      tilt (~> 2.0)
    sinatra-flash (0.3.0)
      sinatra (>= 1.0.0)
    sqlite3 (1.3.13)
    tilt (2.0.7)

PLATFORMS
  ruby

DEPENDENCIES
  json
  racksh
  sinatra
  sinatra-flash
  sqlite3

BUNDLED WITH
   1.15.0
